GIT
  remote: git://github.com/zph/simple_xlsx_writer.git
  revision: 69b21695c21070d467bb81845bdf3257d8644232
  branch: zip_corruption
  specs:
    simple_xlsx_writer (0.5.3)
      fast_xs (>= 0.7.3)
      rubyzip (>= 0.9.4)

PATH
  remote: ../xlsx_writer
  specs:
    xlsx_writer (0.4.0)
      activesupport
      fast_xs
      unix_utils

GEM
  remote: http://rubygems.org/
  specs:
    activemodel (3.2.6)
      activesupport (= 3.2.6)
      builder (~> 3.0.0)
    activesupport (3.2.6)
      i18n (~> 0.6)
      multi_json (~> 1.0)
    addressable (2.2.8)
    builder (3.0.0)
    coderay (1.0.7)
    fakeweb (1.3.0)
    fast_xs (0.8.0)
    growl (1.0.3)
    guard (1.4.0)
      listen (>= 0.4.2)
      thor (>= 0.14.6)
    guard-bundler (1.0.0)
      bundler (~> 1.0)
      guard (~> 1.1)
    guard-minitest (0.5.0)
      guard (>= 0.4)
    i18n (0.6.0)
    listen (0.5.3)
    method_source (0.8)
    mime-types (1.19)
    minitest (4.0.0)
    multi_json (1.3.6)
    oauth (0.4.6)
    posix-spawn (0.3.6)
    pry (0.9.10)
      coderay (~> 1.0.5)
      method_source (~> 0.8)
      slop (~> 3.3.1)
    rb-fsevent (0.9.2)
    rest-client (1.6.7)
      mime-types (>= 1.16)
    ruby-trello (0.4.2)
      activemodel
      addressable (~> 2.2.6)
      oauth (~> 0.4.5)
      rest-client (~> 1.6.7)
    rubyzip (0.9.9)
    slop (3.3.3)
    thor (0.16.0)
    unix_utils (0.0.14)
      posix-spawn
    vcr (2.2.5)

PLATFORMS
  ruby

DEPENDENCIES
  fakeweb
  growl
  guard
  guard-bundler
  guard-minitest
  minitest
  pry
  rb-fsevent
  ruby-trello
  simple_xlsx_writer!
  vcr
  xlsx_writer!
